GEM
  remote: http://rubygems.org/
  specs:
    dalli (2.7.10)
    memcachier (0.0.2)
    mustermann (1.1.1)
      ruby2_keywords (~> 0.0.1)
    open_uri_redirections (0.2.1)
    puma (3.12.6)
    rack (2.2.3)
    rack-cache (1.2)
      rack (>= 0.4)
    rack-protection (2.0.8.1)
      rack
    rake (13.0.1)
    ruby2_keywords (0.0.2)
    shotgun (0.9)
      rack (>= 1.0)
    sinatra (2.0.8.1)
      mustermann (~> 1.0)
      rack (~> 2.0)
      rack-protection (= 2.0.8.1)
      tilt (~> 2.0)
    tilt (2.0.10)

PLATFORMS
  ruby

DEPENDENCIES
  dalli (~> 2.0)
  memcachier
  open_uri_redirections
  puma (~> 3.0)
  rack-cache
  rake
  shotgun
  sinatra (~> 2.0)

RUBY VERSION
   ruby 2.6.5p114

BUNDLED WITH
   1.17.2
